GEM
  remote: http://rubygems.org/
  remote: http://gemcutter.org/
  remote: http://gems.github.com/
  specs:
    builder (3.0.0)
    crack (0.1.8)
    curb (0.7.15)
    gyoku (0.4.2)
      builder (>= 2.1.2)
    httpi (0.9.2)
      ntlm-http (>= 0.1.1)
      rack
    ntlm-http (0.1.1)
    rack (1.2.2)
    savon (0.9.1)
      builder (>= 2.1.2)
      crack (~> 0.1.8)
      gyoku (>= 0.4.0)
      httpi (>= 0.7.8)

PLATFORMS
  ruby

DEPENDENCIES
  curb
  savon
